GIT
  remote: git://github.com/appfog/af-cli-plugins.git
  revision: e0a157f4365ab87da7b90a2f249fc4cefd2087eb
  branch: stacked
  specs:
    appfog-tunnel-vmc-plugin (0.0.1.6)
      addressable (~> 2.2)
      caldecott-client (~> 0.0.2)
      cfoundry (~> 0.5.0)
      rest-client (~> 1.6)
      uuidtools (~> 2.1)

PATH
  remote: ../../appfog/af-cli-plugins
  specs:
    appfog-vmc-plugin (0.1.9)
      cfoundry (~> 0.5.2)

GEM
  remote: http://rubygems.org/
  specs:
    addressable (2.3.3)
    caldecott-client (0.0.2)
      multi_json (~> 1.3)
    cf-uaa-lib (1.3.8)
      multi_json
    cfoundry (0.5.2)
      cf-uaa-lib (~> 1.3.3)
      multi_json (~> 1.3)
      multipart-post (~> 1.1)
      rubyzip (~> 0.9)
    clouseau (0.0.2)
      rubyzip (~> 0.9.9)
    columnize (0.3.6)
    crack (0.3.2)
    debugger (1.5.0)
      columnize (>= 0.3.1)
      debugger-linecache (~> 1.2.0)
      debugger-ruby_core_source (~> 1.2.0)
    debugger-linecache (1.2.0)
    debugger-ruby_core_source (1.2.0)
    diff-lcs (1.2.1)
    gem-release (0.5.2)
    interact (0.5.2)
    json_pure (1.7.7)
    mime-types (1.22)
    mothership (0.5.1)
    multi_json (1.6.1)
    multipart-post (1.2.0)
    rake (10.0.3)
    rest-client (1.6.7)
      mime-types (>= 1.16)
    rr (1.0.4)
    rspec (2.13.0)
      rspec-core (~> 2.13.0)
      rspec-expectations (~> 2.13.0)
      rspec-mocks (~> 2.13.0)
    rspec-core (2.13.1)
    rspec-expectations (2.13.0)
      diff-lcs (>= 1.1.3, < 2.0)
    rspec-mocks (2.13.0)
    rubyzip (0.9.9)
    uuidtools (2.1.3)
    webmock (1.11.0)
      addressable (>= 2.2.7)
      crack (>= 0.3.2)

PLATFORMS
  ruby

DEPENDENCIES
  appfog-tunnel-vmc-plugin!
  appfog-vmc-plugin!
  cfoundry
  clouseau
  debugger
  gem-release
  interact
  json_pure (~> 1.6)
  mothership
  multi_json (~> 1.3)
  rake
  rr (~> 1.0)
  rspec (~> 2.11)
  webmock (~> 1.9)
